GIT
  remote: git://github.com/resque/resque.git
  revision: 6eba083bbdf8d2a20e28581aa72c0b7b198e794e
  specs:
    resque (2.0.0.pre.1)
      json
      mono_logger (~> 1.0)
      redis-namespace (>= 1.3.0)
      thor (~> 0.17)

GEM
  remote: https://rubygems.org/
  specs:
    coderay (1.1.0)
    json (1.8.2)
    method_source (0.8.2)
    mono_logger (1.1.0)
    pry (0.10.1)
      coderay (~> 1.1.0)
      method_source (~> 0.8.1)
      slop (~> 3.4)
    rack (1.6.0)
    rack-protection (1.5.3)
      rack
    rake (10.4.2)
    redis (3.2.1)
    redis-namespace (1.5.1)
      redis (~> 3.0, >= 3.0.4)
    sinatra (1.4.5)
      rack (~> 1.4)
      rack-protection (~> 1.4)
      tilt (~> 1.3, >= 1.3.4)
    slop (3.6.0)
    thor (0.19.1)
    tilt (1.4.1)

PLATFORMS
  ruby

DEPENDENCIES
  json
  pry
  rake
  redis
  resque (~> 2.0.0.pre.1)!
  sinatra
